GIT
  remote: git@github.com:muffinista/namey.git
  revision: 226f839a8df7e88c38fe3398932867165c39da11
  specs:
    namey (0.0.11)
      sequel
      sqlite3

GEM
  remote: https://rubygems.org/
  specs:
    json (1.8.1)
    rack (1.5.2)
    rack-protection (1.5.1)
      rack
    sequel (4.5.0)
    shotgun (0.9)
      rack (>= 1.0)
    sinatra (1.4.4)
      rack (~> 1.4)
      rack-protection (~> 1.4)
      tilt (~> 1.3, >= 1.3.4)
    sqlite3 (1.3.8)
    tilt (1.4.1)

PLATFORMS
  ruby

DEPENDENCIES
  json
  namey!
  shotgun
  sinatra (~> 1.4.4)
