GEM
  remote: http://rubygems.org/
  remote: http://gemcutter.org/
  specs:
    eventmachine (1.0.0.beta.4)
    json (1.6.1)
    mysql (2.8.1)
    namey (0.0.8)
      sequel
      sqlite3
    rack (1.3.5)
    rack-protection (1.1.4)
      rack
    sequel (3.29.0)
    shotgun (0.9)
      rack (>= 1.0)
    sinatra (1.3.1)
      rack (~> 1.3, >= 1.3.4)
      rack-protection (~> 1.1, >= 1.1.2)
      tilt (~> 1.3, >= 1.3.3)
    sinatra-sequel (0.9.0)
      sequel (>= 3.2.0)
      sinatra (>= 0.9.4)
    sqlite3 (1.3.4)
    tilt (1.3.3)

PLATFORMS
  ruby

DEPENDENCIES
  eventmachine (= 1.0.0.beta.4)
  json
  mysql
  namey
  sequel
  shotgun
  sinatra
  sinatra-sequel
