GIT
  remote: git@github.com:muffinista/namey.git
  revision: 6446c34f11c28b807fa131edb79662462d73c254
  specs:
    namey (0.0.12)
      sequel (~> 5.0.0)
      sqlite3

GEM
  remote: https://rubygems.org/
  specs:
    json (1.8.6)
    rack (1.6.9)
    rack-protection (1.5.5)
      rack
    sequel (5.0.0)
    shotgun (0.9.2)
      rack (>= 1.0)
    sinatra (1.4.8)
      rack (~> 1.5)
      rack-protection (~> 1.4)
      tilt (>= 1.3, < 3)
    sqlite3 (1.3.13)
    tilt (2.0.8)

PLATFORMS
  ruby

DEPENDENCIES
  json (~> 1.8.3)
  namey!
  shotgun
  sinatra (~> 1.4.7)

BUNDLED WITH
   1.16.1
